GEM
  remote: https://rubygems.org/
  specs:
    bson (3.2.0)
    json (1.8.3)
    mongo (2.0.6)
      bson (~> 3.0)
    rack (1.6.4)
    rack-protection (1.5.3)
      rack
    sinatra (1.4.6)
      rack (~> 1.4)
      rack-protection (~> 1.4)
      tilt (>= 1.3, < 3)
    tilt (2.0.1)

PLATFORMS
  ruby

DEPENDENCIES
  json
  mongo (~> 2.0)
  sinatra

BUNDLED WITH
   1.10.5
